GEM
  remote: https://rubygems.org/
  specs:
    faraday (2.6.0)
      faraday-net_http (>= 2.0, < 3.1)
      ruby2_keywords (>= 0.0.4)
    faraday-net_http (3.0.1)
    httparty (0.17.1)
      mime-types (~> 3.0)
      multi_xml (>= 0.5.2)
    jwt (2.5.0)
    logger (1.4.1)
    mime-types (3.3)
      mime-types-data (~> 3.2015)
    mime-types-data (3.2019.0904)
    mini_portile2 (2.8.0)
    multi_xml (0.6.0)
    nokogiri (1.13.9)
      mini_portile2 (~> 2.8.0)
      racc (~> 1.4)
    racc (1.6.0)
    ruby2_keywords (0.0.5)
    twilio-ruby (5.73.0)
      faraday (>= 0.9, < 3.0)
      jwt (>= 1.5, <= 2.5)
      nokogiri (>= 1.6, < 2.0)

PLATFORMS
  ruby

DEPENDENCIES
  httparty
  logger
  twilio-ruby (>= 5.29.1)

BUNDLED WITH
   1.17.3
